GEM
  remote: http://rubygems.org/
  specs:
    addressable (2.2.8)
    cinch (2.0.2)
    coderay (1.0.9)
    data_objects (0.10.8)
      addressable (~> 2.1)
    diff-lcs (1.1.3)
    dm-core (1.2.0)
      addressable (~> 2.2.6)
    dm-do-adapter (1.2.0)
      data_objects (~> 0.10.6)
      dm-core (~> 1.2.0)
    dm-migrations (1.2.0)
      dm-core (~> 1.2.0)
    dm-sqlite-adapter (1.2.0)
      dm-do-adapter (~> 1.2.0)
      do_sqlite3 (~> 0.10.6)
    dm-transactions (1.2.0)
      dm-core (~> 1.2.0)
    do_sqlite3 (0.10.8)
      data_objects (= 0.10.8)
    faraday (0.8.8)
      multipart-post (~> 1.2.0)
    htmlentities (4.3.1)
    json (1.6.7)
    method_source (0.8.2)
    mime-types (1.19)
    multi_json (1.7.8)
    multipart-post (1.2.0)
    oauth (0.4.6)
    pry (0.9.12.2)
      coderay (~> 1.0.5)
      method_source (~> 0.8)
      slop (~> 3.4)
    rb-readline (0.5.0)
    rspec (2.10.0)
      rspec-core (~> 2.10.0)
      rspec-expectations (~> 2.10.0)
      rspec-mocks (~> 2.10.0)
    rspec-core (2.10.1)
    rspec-expectations (2.10.0)
      diff-lcs (~> 1.1.3)
    rspec-mocks (2.10.1)
    simple_oauth (0.2.0)
    slop (3.4.6)
    sqlite3 (1.3.6)
    twitter (4.8.1)
      faraday (~> 0.8, < 0.10)
      multi_json (~> 1.0)
      simple_oauth (~> 0.2)
    twitter_oauth (0.4.3)
      json (>= 1.1.9)
      mime-types (>= 1.16)
      oauth (>= 0.4.1)

PLATFORMS
  ruby

DEPENDENCIES
  cinch (~> 2.0)
  dm-core (~> 1.2.0)
  dm-migrations (~> 1.2.0)
  dm-sqlite-adapter
  dm-transactions (~> 1.2.0)
  htmlentities
  pry
  rb-readline
  rspec
  sqlite3
  twitter
  twitter_oauth
